GEM
  remote: https://rubygems.org/
  specs:
    colorize (0.7.7)
    httpclient (2.6.0.1)
    json (1.8.3)
    lemmatizer (0.1.1)
    thor (0.19.1)

PLATFORMS
  ruby

DEPENDENCIES
  colorize (~> 0.7)
  httpclient (~> 2.6)
  json (~> 1.8)
  lemmatizer (~> 0.1)
  thor (~> 0.19)
