GEM
  remote: https://rubygems.org/
  specs:
    colorize (0.7.7)
    httpclient (2.6.0.1)
    json (1.8.3)
    lemmatizer (0.1.1)
    thor (0.19.1)

PLATFORMS
  ruby

DEPENDENCIES
  colorize
  httpclient
  json
  lemmatizer
  thor

BUNDLED WITH
   1.10.6
